GEM
  remote: https://rubygems.org/
  specs:
    dotenv (2.6.0)
    hashie (3.6.0)
    multi_json (1.13.1)
    mustermann (1.0.3)
    oauth (0.5.4)
    omniauth (1.9.0)
      hashie (>= 3.4.6, < 3.7.0)
      rack (>= 1.6.2, < 3)
    omniauth-oauth (1.1.0)
      oauth
      omniauth (~> 1.0)
    omniauth-twitter (1.4.0)
      omniauth-oauth (~> 1.1)
      rack
    rack (2.0.6)
    rack-protection (2.0.5)
      rack
    sinatra (2.0.5)
      mustermann (~> 1.0)
      rack (~> 2.0)
      rack-protection (= 2.0.5)
      tilt (~> 2.0)
    tilt (2.0.9)
    twitter-ads (4.0.0)
      multi_json (~> 1.11)
      oauth (~> 0.4)

PLATFORMS
  ruby

DEPENDENCIES
  dotenv
  omniauth
  omniauth-twitter
  sinatra
  twitter-ads

BUNDLED WITH
   1.16.1
